PATH
  remote: .
  specs:
    smbclient (0.1.2)
      abundance (~> 1.3)
      ftools (~> 0.0)
      globalog (~> 0.1)

GEM
  remote: https://rubygems.org/
  specs:
    abundance (1.3.5)
      globalog (>= 0.1.3)
    docile (1.1.5)
    ftools (0.0.0)
    globalog (0.1.4)
    json (2.1.0)
    minitest (5.10.3)
    rake (10.5.0)
    simplecov (0.14.1)
      docile (~> 1.1.0)
      json (>= 1.8, < 3)
      simplecov-html (~> 0.10.0)
    simplecov-html (0.10.2)

PLATFORMS
  x64-mingw32

DEPENDENCIES
  bundler (~> 1.15)
  minitest (~> 5.0)
  rake (~> 10.0)
  simplecov (~> 0.14.1)
  smbclient!

BUNDLED WITH
   1.15.4
